GEM
  remote: https://rubygems.org/
  specs:
    benchmark-ips (2.7.2)
    ffi (1.9.25)
    helix_runtime (0.7.5)
      rake (>= 10.0)
      thor (>= 0.19.4, < 2.0)
      tomlrb (~> 1.2.4)
    rake (12.3.1)
    thor (0.20.3)
    tomlrb (1.2.7)

PLATFORMS
  ruby

DEPENDENCIES
  benchmark-ips
  ffi (~> 1.9.25)
  helix_runtime (~> 0.7.5)

BUNDLED WITH
   1.17.3
